PATH
  remote: .
  specs:
    mad_chatter (0.1.1)
      em-websocket
      eventmachine
      thor

GEM
  remote: http://rubygems.org/
  specs:
    addressable (2.2.6)
    diff-lcs (1.1.3)
    em-websocket (0.3.5)
      addressable (>= 2.1.1)
      eventmachine (>= 0.12.9)
    eventmachine (0.12.10)
    rspec (2.7.0)
      rspec-core (~> 2.7.0)
      rspec-expectations (~> 2.7.0)
      rspec-mocks (~> 2.7.0)
    rspec-core (2.7.1)
    rspec-expectations (2.7.0)
      diff-lcs (~> 1.1.2)
    rspec-mocks (2.7.0)
    shoulda (2.11.3)
    thor (0.14.6)

PLATFORMS
  ruby

DEPENDENCIES
  mad_chatter!
  rspec
  shoulda
